PATH
  remote: .
  specs:
    dc (0.0.0)
      docker-api

GEM
  remote: https://rubygems.org/
  specs:
    awesome_print (1.8.0)
    bgem (0.0.11)
    coderay (1.1.2)
    diff-lcs (1.3)
    docker-api (1.34.1)
      excon (>= 0.47.0)
      multi_json
    excon (0.60.0)
    method_source (0.9.0)
    multi_json (1.13.1)
    power_assert (1.1.1)
    pry (0.11.3)
      coderay (~> 1.1.0)
      method_source (~> 0.9.0)
    rspec (3.7.0)
      rspec-core (~> 3.7.0)
      rspec-expectations (~> 3.7.0)
      rspec-mocks (~> 3.7.0)
    rspec-core (3.7.1)
      rspec-support (~> 3.7.0)
    rspec-expectations (3.7.0)
      diff-lcs (>= 1.2.0, < 2.0)
      rspec-support (~> 3.7.0)
    rspec-mocks (3.7.0)
      diff-lcs (>= 1.2.0, < 2.0)
      rspec-support (~> 3.7.0)
    rspec-power_assert (1.1.0)
      power_assert (~> 1.1.0)
      rspec (>= 2.14)
    rspec-support (3.7.1)

PLATFORMS
  ruby

DEPENDENCIES
  awesome_print
  bgem
  dc!
  pry
  rspec
  rspec-power_assert

BUNDLED WITH
   1.16.1
